GEM
  remote: https://rubygems.org/
  specs:
    domain_name (0.5.20170404)
      unf (>= 0.0.5, < 1.0.0)
    dotenv (1.0.2)
    encrypted_cookie (0.0.4)
    http-cookie (1.0.3)
      domain_name (~> 0.5)
    json (1.8.6)
    mime-types (3.1)
      mime-types-data (~> 3.2015)
    mime-types-data (3.2016.0521)
    netrc (0.11.0)
    rack (1.6.6)
    rack-protection (1.5.3)
      rack
    rest-client (2.0.2)
      http-cookie (>= 1.0.2, < 2.0)
      mime-types (>= 1.16, < 4.0)
      netrc (~> 0.8)
    sinatra (1.4.7)
      rack (~> 1.5)
      rack-protection (~> 1.4)
      tilt (>= 1.3, < 3)
    stripe (1.58.0)
      rest-client (>= 1.4, < 4.0)
    tilt (2.0.7)
    unf (0.1.4)
      unf_ext
    unf_ext (0.0.7.4)

PLATFORMS
  ruby

DEPENDENCIES
  dotenv (= 1.0.2)
  encrypted_cookie (= 0.0.4)
  json (= 1.8.6)
  sinatra (= 1.4.7)
  stripe (= 1.58.0)

RUBY VERSION
   ruby 2.2.7p470

BUNDLED WITH
   1.14.6
